GEM
  remote: https://rubygems.org/
  specs:
    activesupport (6.1.1)
      concurrent-ruby (~> 1.0, >= 1.0.2)
      i18n (>= 1.6, < 2)
      minitest (>= 5.1)
      tzinfo (~> 2.0)
      zeitwerk (~> 2.3)
    concurrent-ruby (1.1.8)
    i18n (1.8.7)
      concurrent-ruby (~> 1.0)
    minitest (5.14.3)
    tzinfo (2.0.4)
      concurrent-ruby (~> 1.0)
    wicked_pdf (2.1.0)
      activesupport
    wkhtmltopdf-binary (0.12.6.5)
    zeitwerk (2.4.2)

PLATFORMS
  ruby

DEPENDENCIES
  wicked_pdf (= 2.1.0)
  wkhtmltopdf-binary

RUBY VERSION
   ruby 2.7.2p137

BUNDLED WITH
   2.1.4
